PATH
  remote: .
  specs:
    acs2aws (0.2.0)
      aws-sdk-iam (~> 1.13)
      clamp (~> 1.3)
      colorize (~> 0.8.1)
      launchy (~> 2.4, >= 2.4.3)
      nokogiri (~> 1.8, >= 1.8.5)
      rack (~> 2.0, >= 2.0.6)
      sinatra (~> 2.0, >= 2.0.4)

GEM
  remote: https://rubygems.org/
  specs:
    addressable (2.5.2)
      public_suffix (>= 2.0.2, < 4.0)
    ast (2.4.0)
    aws-eventstream (1.0.1)
    aws-partitions (1.122.0)
    aws-sdk-core (3.44.0)
      aws-eventstream (~> 1.0)
      aws-partitions (~> 1.0)
      aws-sigv4 (~> 1.0)
      jmespath (~> 1.0)
    aws-sdk-iam (1.13.0)
      aws-sdk-core (~> 3, >= 3.39.0)
      aws-sigv4 (~> 1.0)
    aws-sigv4 (1.0.3)
    clamp (1.3.0)
    colorize (0.8.1)
    jaro_winkler (1.5.1)
    jmespath (1.4.0)
    launchy (2.4.3)
      addressable (~> 2.3)
    mini_portile2 (2.3.0)
    minitest (5.11.3)
    mustermann (1.0.3)
    nokogiri (1.8.5)
      mini_portile2 (~> 2.3.0)
    parallel (1.12.1)
    parser (2.5.3.0)
      ast (~> 2.4.0)
    powerpack (0.1.2)
    public_suffix (3.0.3)
    rack (2.0.6)
    rack-protection (2.0.4)
      rack
    rainbow (3.0.0)
    rake (12.3.2)
    rubocop (0.61.1)
      jaro_winkler (~> 1.5.1)
      parallel (~> 1.10)
      parser (>= 2.5, != 2.5.1.1)
      powerpack (~> 0.1)
      rainbow (>= 2.2.2, < 4.0)
      ruby-progressbar (~> 1.7)
      unicode-display_width (~> 1.4.0)
    rubocop-scc (0.2.2)
      rubocop (~> 0.61.1)
    ruby-progressbar (1.10.0)
    sinatra (2.0.4)
      mustermann (~> 1.0)
      rack (~> 2.0)
      rack-protection (= 2.0.4)
      tilt (~> 2.0)
    tilt (2.0.9)
    unicode-display_width (1.4.0)

PLATFORMS
  ruby

DEPENDENCIES
  acs2aws!
  bundler (~> 1.17.1)
  minitest (~> 5.11.3)
  rake (~> 12.3)
  rubocop (~> 0.61.1)
  rubocop-scc (~> 0.2.2)

BUNDLED WITH
   1.17.1
