PATH
  remote: .
  specs:
    acs2aws (0.2.0)
      aws-sdk-iam (~> 1.29)
      clamp (~> 1.3.1)
      colorize (~> 0.8.1)
      launchy (~> 2.4, >= 2.4.3)
      nokogiri (~> 1.10, >= 1.10.4)
      rack (~> 2.0, >= 2.0.7)
      sinatra (~> 2.0, >= 2.0.7)

GEM
  remote: https://rubygems.org/
  specs:
    addressable (2.6.0)
      public_suffix (>= 2.0.2, < 4.0)
    ast (2.4.0)
    aws-eventstream (1.0.3)
    aws-partitions (1.205.0)
    aws-sdk-core (3.64.0)
      aws-eventstream (~> 1.0, >= 1.0.2)
      aws-partitions (~> 1.0)
      aws-sigv4 (~> 1.1)
      jmespath (~> 1.0)
    aws-sdk-iam (1.29.0)
      aws-sdk-core (~> 3, >= 3.61.1)
      aws-sigv4 (~> 1.1)
    aws-sigv4 (1.1.0)
      aws-eventstream (~> 1.0, >= 1.0.2)
    clamp (1.3.1)
    colorize (0.8.1)
    jaro_winkler (1.5.3)
    jmespath (1.4.0)
    launchy (2.4.3)
      addressable (~> 2.3)
    mini_portile2 (2.4.0)
    minitest (5.11.3)
    mustermann (1.0.3)
    nokogiri (1.10.4)
      mini_portile2 (~> 2.4.0)
    parallel (1.17.0)
    parser (2.6.3.0)
      ast (~> 2.4.0)
    powerpack (0.1.2)
    public_suffix (3.1.1)
    rack (2.2.3)
    rack-protection (2.0.7)
      rack
    rainbow (3.0.0)
    rake (12.3.3)
    rubocop (0.61.1)
      jaro_winkler (~> 1.5.1)
      parallel (~> 1.10)
      parser (>= 2.5, != 2.5.1.1)
      powerpack (~> 0.1)
      rainbow (>= 2.2.2, < 4.0)
      ruby-progressbar (~> 1.7)
      unicode-display_width (~> 1.4.0)
    rubocop-scc (1.1.0)
      rubocop (~> 0.61.1)
    ruby-progressbar (1.10.1)
    sinatra (2.0.7)
      mustermann (~> 1.0)
      rack (~> 2.0)
      rack-protection (= 2.0.7)
      tilt (~> 2.0)
    tilt (2.0.9)
    unicode-display_width (1.4.1)

PLATFORMS
  ruby

DEPENDENCIES
  acs2aws!
  bundler (~> 1.17, >= 1.17.1)
  minitest (~> 5.11, >= 5.11.3)
  rake (~> 12.3)
  rubocop (~> 0.61.1)
  rubocop-scc (~> 1.1.0)

BUNDLED WITH
   1.17.1
